PATH
  remote: .
  specs:
    ctt_cli (0.0.1)
      highline (~> 1.6.2)
      json_pure (~> 1.6.1)
      paint (~> 0.8.5)
      progressbar (~> 0.9.0)
      terminal-table (~> 1.4.2)

GEM
  remote: http://rubygems.org/
  specs:
    highline (1.6.15)
    json_pure (1.6.7)
    paint (0.8.5)
    progressbar (0.9.2)
    rake (0.9.2.2)
    terminal-table (1.4.5)

PLATFORMS
  ruby

DEPENDENCIES
  ctt_cli!
  rake
